GEM
  remote: https://rubygems.org/
  specs:
    connection_pool (2.2.5)
    mustermann (1.1.1)
      ruby2_keywords (~> 0.0.1)
    nio4r (2.5.8)
    pg (1.3.5)
    puma (5.6.4)
      nio4r (~> 2.0)
    rack (2.2.3.1)
    rack-protection (2.2.0)
      rack
    ruby2_keywords (0.0.5)
    sinatra (2.2.0)
      mustermann (~> 1.0)
      rack (~> 2.2)
      rack-protection (= 2.2.0)
      tilt (~> 2.0)
    tilt (2.0.10)

PLATFORMS
  arm64-darwin-20
  ruby
  x86_64-linux

DEPENDENCIES
  connection_pool
  pg
  puma
  sinatra

RUBY VERSION
   ruby 2.6.8p205

BUNDLED WITH
   2.3.10
