GEM
  remote: https://rubygems.org/
  specs:
    async (1.30.1)
      console (~> 1.10)
      nio4r (~> 2.3)
      timers (~> 4.1)
    async-http (0.56.5)
      async (>= 1.25)
      async-io (>= 1.28)
      async-pool (>= 0.2)
      protocol-http (~> 0.22.0)
      protocol-http1 (~> 0.14.0)
      protocol-http2 (~> 0.14.0)
    async-io (1.33.0)
      async
    async-pool (0.3.9)
      async (>= 1.25)
    connection_pool (2.2.5)
    console (1.15.0)
      fiber-local
    fiber-local (1.0.0)
    nio4r (2.5.8)
    pg (1.3.5)
    protocol-hpack (1.4.2)
    protocol-http (0.22.5)
    protocol-http1 (0.14.2)
      protocol-http (~> 0.22)
    protocol-http2 (0.14.2)
      protocol-hpack (~> 1.4)
      protocol-http (~> 0.18)
    timers (4.3.3)

PLATFORMS
  arm64-darwin-20
  x86_64-linux

DEPENDENCIES
  async-http
  connection_pool
  pg

RUBY VERSION
   ruby 3.0.3p157

BUNDLED WITH
   2.3.4
